GEM
  remote: https://rubygems.org/
  specs:
    bcrypt (3.1.11-x86-mingw32)
    bcrypt-ruby (3.1.5-x86-mingw32)
      bcrypt (>= 3.1.3)

PLATFORMS
  x86-mingw32

DEPENDENCIES
  bcrypt-ruby

BUNDLED WITH
   1.16.1
